GIT
  remote: git://github.com/Genius/rails2.git
  revision: b1152e49c75f2319433f6db4f8d20257c6b2f55a
  branch: 2-3-genius-lts
  specs:
    actionmailer (2.3.18)
      actionpack (= 2.3.18)
    actionpack (2.3.18)
      activesupport (= 2.3.18)
      rack (~> 1.4)
    activerecord (2.3.18)
      activesupport (= 2.3.18)
    activeresource (2.3.18)
      activesupport (= 2.3.18)
    activesupport (2.3.18)
    rails (2.3.18)
      actionmailer (= 2.3.18)
      actionpack (= 2.3.18)
      activerecord (= 2.3.18)
      activeresource (= 2.3.18)
      activesupport (= 2.3.18)
      railslts-version (= 2.3.18.13)
      rake (>= 0.8.3)

GIT
  remote: git://github.com/Genius/rspec.git
  revision: c2f62a4d1087dc52014b2c111c3479c5029a1646
  branch: ruby2
  specs:
    rspec (1.3.2)

PATH
  remote: .
  specs:
    is_paranoid (0.9.6)

GEM
  remote: https://rubygems.org/
  specs:
    coderay (1.1.0)
    hoe (3.15.1)
      rake (>= 0.8, < 12.0)
    iconv (1.0.4)
    method_source (0.8.2)
    pry (0.10.4)
      coderay (~> 1.1.0)
      method_source (~> 0.8.1)
      slop (~> 3.4)
    rack (1.6.4)
    rails2_ruby2 (0.1.0)
      iconv
      syck (~> 1.0.5)
      test-unit (= 1.2.3)
    railslts-version (2.3.18.13)
    rake (11.2.2)
    slop (3.6.0)
    sqlite3 (1.3.11)
    syck (1.0.5)
    test-unit (1.2.3)
      hoe (>= 1.5.1)

PLATFORMS
  ruby

DEPENDENCIES
  is_paranoid!
  pry
  rails!
  rails2_ruby2
  rspec!
  sqlite3

BUNDLED WITH
   1.11.2
