GIT
  remote: git://github.com/Genius/rails2.git
  revision: a86ec2ddd58a256548e969f63034af98814a8564
  branch: 2-3-genius-lts
  specs:
    actionmailer (2.3.18.24)
      actionpack (= 2.3.18.24)
    actionpack (2.3.18.24)
      activesupport (= 2.3.18.24)
      rack (~> 1.4)
    activerecord (2.3.18.24)
      activesupport (= 2.3.18.24)
    activeresource (2.3.18.24)
      activesupport (= 2.3.18.24)
    activesupport (2.3.18.24)
    rails (2.3.18.24)
      actionmailer (= 2.3.18.24)
      actionpack (= 2.3.18.24)
      activerecord (= 2.3.18.24)
      activeresource (= 2.3.18.24)
      activesupport (= 2.3.18.24)
      rails2_ruby2 (~> 1.0.3)
      railslts-version (= 2.3.18.24)
      railties (= 2.3.18.24)
    railslts-version (2.3.18.24)
    railties (2.3.18.24)
      actionpack (= 2.3.18.24)
      activesupport (= 2.3.18.24)
      rake (>= 0.8.3, < 11)

GIT
  remote: git://github.com/Genius/rspec.git
  revision: c2f62a4d1087dc52014b2c111c3479c5029a1646
  branch: ruby2
  specs:
    rspec (1.3.2)

PATH
  remote: .
  specs:
    is_paranoid (0.9.6)

GEM
  remote: https://rubygems.org/
  specs:
    coderay (1.1.0)
    iconv (1.0.8)
    method_source (0.8.2)
    pg (1.1.4)
    pry (0.10.4)
      coderay (~> 1.1.0)
      method_source (~> 0.8.1)
      slop (~> 3.4)
    rack (1.6.11)
    rails2_ruby2 (1.0.3)
      iconv
      syck (~> 1.4)
    rake (10.5.0)
    slop (3.6.0)
    sqlite3 (1.3.12)
    syck (1.4.0)

PLATFORMS
  ruby

DEPENDENCIES
  is_paranoid!
  pg
  pry
  rails!
  rails2_ruby2
  rspec!
  sqlite3

BUNDLED WITH
   1.17.3
